GEM
  remote: https://rubygems.org/
  specs:
    puma (3.12.1)
    rack (2.0.7)

PLATFORMS
  ruby

DEPENDENCIES
  puma
  rack

BUNDLED WITH
   2.0.1
